GEM
  remote: https://rubygems.org/
  specs:
    activemodel (7.0.4)
      activesupport (= 7.0.4)
    activerecord (7.0.4)
      activemodel (= 7.0.4)
      activesupport (= 7.0.4)
    activesupport (7.0.4)
      concurrent-ruby (~> 1.0, >= 1.0.2)
      i18n (>= 1.6, < 2)
      minitest (>= 5.1)
      tzinfo (~> 2.0)
    addressable (2.8.1)
      public_suffix (>= 2.0.2, < 6.0)
    aws (2.10.2)
      http_connection
      uuidtools
      xml-simple
    bitclust-core (1.3.0)
      progressbar (>= 1.9.0, < 2.0)
      rack
      webrick
    concurrent-ruby (1.1.10)
    faraday (2.7.2)
      faraday-net_http (>= 2.0, < 3.1)
      ruby2_keywords (>= 0.0.4)
    faraday-net_http (3.0.2)
    http_connection (1.4.4)
    i18n (1.12.0)
      concurrent-ruby (~> 1.0)
    mini_portile2 (2.8.1)
    minitest (5.16.3)
    octokit (6.0.1)
      faraday (>= 1, < 3)
      sawyer (~> 0.9)
    progressbar (1.11.0)
    public_suffix (5.0.1)
    rack (3.0.3)
    rake (13.0.6)
    rexml (3.2.5)
    ruby2_keywords (0.0.5)
    sawyer (0.9.2)
      addressable (>= 2.3.5)
      faraday (>= 0.17.3, < 3)
    sqlite3 (1.5.4)
      mini_portile2 (~> 2.8.0)
    tzinfo (2.0.5)
      concurrent-ruby (~> 1.0)
    uuidtools (2.2.0)
    webrick (1.7.0)
    xml-simple (1.1.9)
      rexml

PLATFORMS
  ruby

DEPENDENCIES
  activerecord
  aws
  bitclust-core
  octokit
  rake
  sqlite3

RUBY VERSION
   ruby 3.1.1p18

BUNDLED WITH
   2.3.25
